PATH
  remote: .
  specs:
    fast-polylines (0.1.1)

GEM
  remote: https://rubygems.org/
  specs:
    benchmark-ips (2.7.2)
    diff-lcs (1.3)
    polylines (0.3.0)
    rspec (3.5.0)
      rspec-core (~> 3.5.0)
      rspec-expectations (~> 3.5.0)
      rspec-mocks (~> 3.5.0)
    rspec-core (3.5.4)
      rspec-support (~> 3.5.0)
    rspec-expectations (3.5.0)
      diff-lcs (>= 1.2.0, < 2.0)
      rspec-support (~> 3.5.0)
    rspec-mocks (3.5.0)
      diff-lcs (>= 1.2.0, < 2.0)
      rspec-support (~> 3.5.0)
    rspec-support (3.5.0)

PLATFORMS
  ruby

DEPENDENCIES
  benchmark-ips
  fast-polylines!
  polylines (~> 0.3)
  rspec (~> 3.5)

BUNDLED WITH
   1.17.1
