PATH
  remote: .
  specs:
    fast-polylines (0.1.0)

GEM
  remote: http://rubygems.org/
  specs:
    benchmark-perf (0.2.1)
    diff-lcs (1.3)
    polylines (0.3.0)
    rspec (3.5.0)
      rspec-core (~> 3.5.0)
      rspec-expectations (~> 3.5.0)
      rspec-mocks (~> 3.5.0)
    rspec-benchmark (0.3.0)
      benchmark-perf (~> 0.2.0)
      rspec (>= 3.0.0, < 4.0.0)
    rspec-core (3.5.4)
      rspec-support (~> 3.5.0)
    rspec-expectations (3.5.0)
      diff-lcs (>= 1.2.0, < 2.0)
      rspec-support (~> 3.5.0)
    rspec-mocks (3.5.0)
      diff-lcs (>= 1.2.0, < 2.0)
      rspec-support (~> 3.5.0)
    rspec-support (3.5.0)

PLATFORMS
  ruby

DEPENDENCIES
  fast-polylines!
  polylines (~> 0.3)
  rspec (~> 3.5)
  rspec-benchmark (~> 0.3)

BUNDLED WITH
   1.14.6
